GEM
  remote: http://rubygems.org/
  specs:
    booty (0.1.1)
    geocoder (1.3.7)
    haml (4.0.7)
      tilt
    rack (1.6.4)
    rack-protection (1.5.3)
      rack
    rainbow (2.1.0)
    sinatra (1.4.7)
      rack (~> 1.5)
      rack-protection (~> 1.4)
      tilt (>= 1.3, < 3)
    tilt (2.0.2)

PLATFORMS
  ruby

DEPENDENCIES
  booty
  geocoder
  haml
  rainbow
  sinatra

BUNDLED WITH
   1.11.2
