GEM
  remote: http://rubygems.org/
  specs:
    ruby_http_client (2.1.3)
    sendgrid-ruby (3.0.4)
      ruby_http_client (~> 2.1.3)

PLATFORMS
  ruby

DEPENDENCIES
  sendgrid-ruby

BUNDLED WITH
   1.11.2
